PATH
  remote: .
  specs:
    oauth2-client (1.1.0)
      addressable
      bcrypt-ruby (~> 3.0.0)
      json

GEM
  remote: https://rubygems.org/
  specs:
    addressable (2.3.3)
    bcrypt-ruby (3.0.1)
    crack (0.3.2)
    diff-lcs (1.1.3)
    json (1.7.5)
    multi_json (1.3.6)
    rake (0.9.2.2)
    rspec (2.12.0)
      rspec-core (~> 2.12.0)
      rspec-expectations (~> 2.12.0)
      rspec-mocks (~> 2.12.0)
    rspec-core (2.12.2)
    rspec-expectations (2.12.1)
      diff-lcs (~> 1.1.3)
    rspec-mocks (2.12.1)
    simplecov (0.7.1)
      multi_json (~> 1.0)
      simplecov-html (~> 0.7.1)
    simplecov-html (0.7.1)
    webmock (1.10.1)
      addressable (>= 2.2.7)
      crack (>= 0.3.2)

PLATFORMS
  ruby

DEPENDENCIES
  bundler (~> 1.0)
  json
  oauth2-client!
  rake
  rspec (>= 2.11)
  simplecov
  webmock
