GEM
  remote: https://rubygems.org/
  specs:
    addressable (2.3.2)
    bcrypt-ruby (3.0.1)
    diff-lcs (1.1.3)
    json (1.7.5)
    multi_json (1.3.6)
    rake (0.9.2.2)
    rspec (2.12.0)
      rspec-core (~> 2.12.0)
      rspec-expectations (~> 2.12.0)
      rspec-mocks (~> 2.12.0)
    rspec-core (2.12.2)
    rspec-expectations (2.12.1)
      diff-lcs (~> 1.1.3)
    rspec-mocks (2.12.1)
    simplecov (0.7.1)
      multi_json (~> 1.0)
      simplecov-html (~> 0.7.1)
    simplecov-html (0.7.1)

PLATFORMS
  ruby

DEPENDENCIES
  addressable
  bcrypt-ruby (~> 3.0.0)
  json
  rake
  rspec (~> 2.12)
  simplecov
